GEM
  remote: http://rubygems.org/
  specs:
    addressable (2.2.4)
    curb (0.1.4)
    em-http-request (0.3.0)
      addressable (>= 2.0.0)
      escape_utils
      eventmachine (>= 0.12.9)
    escape_utils (0.2.3)
    eventmachine (0.12.10)
    mime-types (1.16)
    net-http-persistent (1.6.1)
    patron (0.4.11)
    rake (12.3.3)
    rmem (1.0.0)
    typhoeus (0.2.4)
      mime-types

PLATFORMS
  ruby

DEPENDENCIES
  curb (= 0.1.4)
  em-http-request
  net-http-persistent
  patron
  rake
  rmem
  typhoeus
